PATH
  remote: .
  specs:
    rle_rb (0.0.0)

GEM
  remote: https://rubygems.org/
  specs:

PLATFORMS
  arm64-darwin-23
  ruby

DEPENDENCIES
  rle_rb!

BUNDLED WITH
   2.5.6
